GEM
  remote: http://rubygems.org/
  specs:
    artii (2.0.3)
    coderay (1.0.9)
    colorize (0.6.0)
    haml (4.0.3)
      tilt
    method_source (0.8.1)
    pry (0.9.12.1)
      coderay (~> 1.0.5)
      method_source (~> 0.8)
      slop (~> 3.4)
    rmagick (2.13.2)
    slop (3.4.4)
    thor (0.18.1)
    tilt (1.3.7)

PLATFORMS
  ruby

DEPENDENCIES
  artii
  bundler
  colorize
  haml
  pry
  rmagick
  thor
  tilt
