GIT
  remote: git://github.com/Shopify/liquid.git
  revision: 445f19d454deb4ae4c8712d301fd4683998c7ad2
  branch: master
  specs:
    liquid (3.0.0)

GEM
  remote: http://rubygems.org/
  specs:
    colorize (0.6.0)
    columnize (0.3.6)
    debugger (1.6.2)
      columnize (>= 0.3.1)
      debugger-linecache (~> 1.2.0)
      debugger-ruby_core_source (~> 1.2.3)
    debugger-linecache (1.2.0)
    debugger-ruby_core_source (1.2.3)
    rake (10.1.0)
    recursive-open-struct (0.4.5)
    sass (3.2.12)
    slim (1.3.8)
      temple (~> 0.6.3)
      tilt (~> 1.3.3)
    temple (0.6.4)
    tilt (1.3.7)

PLATFORMS
  ruby

DEPENDENCIES
  bundler
  colorize (~> 0.6.0)
  debugger
  liquid!
  rake
  recursive-open-struct
  sass
  slim
