GEM
  remote: http://rubygems.org/
  specs:
    colorize (0.6.0)
    columnize (0.3.6)
    debugger (1.6.2)
      columnize (>= 0.3.1)
      debugger-linecache (~> 1.2.0)
      debugger-ruby_core_source (~> 1.2.3)
    debugger-linecache (1.2.0)
    debugger-ruby_core_source (1.2.3)
    tilt (1.3.7)

PLATFORMS
  ruby

DEPENDENCIES
  bundler
  colorize
  debugger
  tilt
